GIT
  remote: git://github.com/parasew/acts_as_tree.git
  revision: ed52495d1671c99e1add582628403bf8104e9077
  specs:
    acts_as_tree (1.2.3)

GEM
  remote: http://rubygems.org/
  specs:
    abstract (1.0.0)
    actionmailer (3.0.3)
      actionpack (= 3.0.3)
      mail (~> 2.2.9)
    actionpack (3.0.3)
      activemodel (= 3.0.3)
      activesupport (= 3.0.3)
      builder (~> 2.1.2)
      erubis (~> 2.6.6)
      i18n (~> 0.4)
      rack (~> 1.2.1)
      rack-mount (~> 0.6.13)
      rack-test (~> 0.5.6)
      tzinfo (~> 0.3.23)
    activemodel (3.0.3)
      activesupport (= 3.0.3)
      builder (~> 2.1.2)
      i18n (~> 0.4)
    activerecord (3.0.3)
      activemodel (= 3.0.3)
      activesupport (= 3.0.3)
      arel (~> 2.0.2)
      tzinfo (~> 0.3.23)
    activeresource (3.0.3)
      activemodel (= 3.0.3)
      activesupport (= 3.0.3)
    activesupport (3.0.3)
    arel (2.0.10)
    bcrypt-ruby (2.1.4)
    builder (2.1.2)
    bullet (5.5.1)
      activesupport (>= 3.0.0)
      uniform_notifier (~> 1.10.0)
    cancan (1.5.0)
    capistrano (2.15.9)
      highline
      net-scp (>= 1.0.0)
      net-sftp (>= 2.0.0)
      net-ssh (>= 2.0.14)
      net-ssh-gateway (>= 1.1.0)
    cssmin (1.0.3)
    default_value_for (1.0.7)
    devise (1.1.5)
      bcrypt-ruby (~> 2.1.2)
      warden (~> 1.0.2)
    diff-lcs (1.1.3)
    dynamic_form (1.1.4)
    easy_http_cache (2.2)
    erubis (2.6.6)
      abstract (>= 1.0.0)
    factory_girl (1.3.3)
    factory_girl_rails (1.0)
      factory_girl (~> 1.3)
      rails (>= 3.0.0.beta4)
    fastercsv (1.5.5)
    formtastic (1.2.5)
      i18n (~> 0.4.0)
    has_scope (0.5.1)
    highline (1.6.21)
    i18n (0.4.2)
    i18n_generators (2.1.1)
      rails (>= 3.0.0)
    inherited_resources (1.1.2)
      has_scope (~> 0.5.0)
      responders (~> 0.6.0)
    inherited_resources_views (0.4.1)
      inherited_resources (>= 1.0)
    jammit (0.7.0)
      cssmin (~> 1.0)
      jsmin (~> 1.0)
    jquery-rails (3.1.4)
      railties (>= 3.0, < 5.0)
      thor (>= 0.14, < 2.0)
    jquery_notify_bar (0.0.4)
    jsmin (1.0.1)
    macaddr (1.7.1)
      systemu (~> 2.6.2)
    mail (2.2.20)
      activesupport (>= 2.3.6)
      i18n (>= 0.4.0)
      mime-types (~> 1.16)
      treetop (~> 1.4.8)
    meta_search (0.5.4)
      actionpack (>= 3.0.0.beta4)
      activerecord (>= 3.0.0.beta4)
      activesupport (>= 3.0.0.beta4)
      arel (>= 0.4.0)
    mime-types (1.25.1)
    mysql2 (0.2.24)
    net-scp (1.2.1)
      net-ssh (>= 2.6.5)
    net-sftp (2.1.2)
      net-ssh (>= 2.6.5)
    net-ssh (2.9.4)
    net-ssh-gateway (1.3.0)
      net-ssh (>= 2.6.5)
    polyglot (0.3.5)
    rack (1.2.8)
    rack-mount (0.6.14)
      rack (>= 1.0.0)
    rack-test (0.5.7)
      rack (>= 1.0)
    rails (3.0.3)
      actionmailer (= 3.0.3)
      actionpack (= 3.0.3)
      activerecord (= 3.0.3)
      activeresource (= 3.0.3)
      activesupport (= 3.0.3)
      bundler (~> 1.0)
      railties (= 3.0.3)
    rails_12factor (0.0.3)
      rails_serve_static_assets
      rails_stdout_logging
    rails_serve_static_assets (0.0.5)
    rails_stdout_logging (0.0.5)
    railties (3.0.3)
      actionpack (= 3.0.3)
      activesupport (= 3.0.3)
      rake (>= 0.8.7)
      thor (~> 0.14.4)
    rake (12.0.0)
    responders (0.6.5)
    rspec (2.4.0)
      rspec-core (~> 2.4.0)
      rspec-expectations (~> 2.4.0)
      rspec-mocks (~> 2.4.0)
    rspec-core (2.4.0)
    rspec-expectations (2.4.0)
      diff-lcs (~> 1.1.2)
    rspec-mocks (2.4.0)
    rspec-rails (2.4.1)
      actionpack (~> 3.0)
      activesupport (~> 3.0)
      railties (~> 3.0)
      rspec (~> 2.4.0)
    show_for (0.2.6)
      actionpack (~> 3.0)
      activemodel (~> 3.0)
    spork (0.9.0.rc4)
    state_machine (1.2.0)
    systemu (2.6.5)
    thor (0.14.6)
    treetop (1.4.15)
      polyglot
      polyglot (>= 0.3.1)
    tzinfo (0.3.53)
    uniform_notifier (1.10.0)
    uuid (2.3.8)
      macaddr (~> 1.0)
    validation_reflection (1.0.0)
    warden (1.0.6)
      rack (>= 1.0)
    web-app-theme (0.7.0)
    will_paginate (3.1.5)
    yui-compressor (0.12.0)

PLATFORMS
  ruby

DEPENDENCIES
  acts_as_tree!
  bullet
  cancan (= 1.5.0)
  capistrano (~> 2.15, >= 2.15.9)
  default_value_for (~> 1.0.4)
  devise (= 1.1.5)
  dynamic_form
  easy_http_cache
  factory_girl_rails (= 1.0)
  fastercsv
  formtastic (~> 1.2.3)
  highline (= 1.6.21)
  i18n_generators
  inherited_resources (= 1.1.2)
  inherited_resources_views
  jammit
  jquery-rails
  jquery_notify_bar (~> 0.0.4)
  meta_search (~> 0.5.0)
  mysql2 (~> 0.2.24)
  net-ssh (~> 2.6)
  rails (= 3.0.3)
  rails_12factor
  rspec (~> 2.4.0)
  rspec-rails (~> 2.4.1)
  show_for
  spork (= 0.9.0.rc4)
  state_machine
  uuid
  validation_reflection
  web-app-theme (>= 0.6.2)
  will_paginate (~> 3.0.pre2)
  yui-compressor

RUBY VERSION
   ruby 1.9.3p551

BUNDLED WITH
   1.14.6
